PATH
  remote: .
  specs:
    rainbow_painter (0.1.0)
      rhcl (= 0.1.0)
      sys-proctable (~> 1.2)
      toml (~> 0.1.0)

GEM
  remote: https://rubygems.org/
  specs:
    ansi (1.5.0)
    ast (2.4.1)
    blankslate (2.1.2.4)
    builder (3.2.4)
    coderay (1.1.3)
    deep_merge (1.2.1)
    ffi (1.14.2)
    method_source (1.0.0)
    minitest (5.14.3)
    minitest-reporters (1.4.2)
      ansi
      builder
      minitest (>= 5.0)
      ruby-progressbar
    parallel (1.20.1)
    parser (3.0.0.0)
      ast (~> 2.4.1)
    parslet (1.5.0)
      blankslate (~> 2.0)
    pry (0.13.1)
      coderay (~> 1.1)
      method_source (~> 1.0)
    rainbow (3.0.0)
    rake (10.5.0)
    regexp_parser (2.0.3)
    rexml (3.2.4)
    rhcl (0.1.0)
      deep_merge
    rubocop (1.8.1)
      parallel (~> 1.10)
      parser (>= 3.0.0.0)
      rainbow (>= 2.2.2, < 4.0)
      regexp_parser (>= 1.8, < 3.0)
      rexml
      rubocop-ast (>= 1.2.0, < 2.0)
      ruby-progressbar (~> 1.7)
      unicode-display_width (>= 1.4.0, < 3.0)
    rubocop-ast (1.4.0)
      parser (>= 2.7.1.5)
    ruby-progressbar (1.11.0)
    sys-proctable (1.2.6)
      ffi
    toml (0.1.2)
      parslet (~> 1.5.0)
    unicode-display_width (2.0.0)

PLATFORMS
  ruby

DEPENDENCIES
  bundler (~> 1.17)
  minitest (~> 5.0)
  minitest-reporters
  pry
  rainbow_painter!
  rake (~> 10.0)
  rubocop

BUNDLED WITH
   1.17.2
